GEM
  remote: https://rubygems.org/
  specs:
    adsf (1.2.0)
      rack (>= 1.0.0)
    anemone (0.7.2)
      nokogiri (>= 1.3.0)
      robotex (>= 1.0.0)
    aws (2.10.2)
      http_connection
      uuidtools
      xml-simple
    builder (3.2.2)
    coderay (1.1.0)
    colored (1.2)
    colorize (0.5.8)
    cri (2.7.0)
      colored (~> 1.2)
    cssminify (1.0.2)
    execjs (2.6.0)
    ffi (1.9.10)
    ffi (1.9.10-x86-mingw32)
    formatador (0.2.5)
    guard (2.13.0)
      formatador (>= 0.2.4)
      listen (>= 2.7, <= 4.0)
      lumberjack (~> 1.0)
      nenv (~> 0.1)
      notiffany (~> 0.0)
      pry (>= 0.9.12)
      shellany (~> 0.0)
      thor (>= 0.18.1)
    guard-nanoc (1.0.2)
      guard (>= 1.8.0)
      nanoc (>= 3.6.3)
    haml (4.0.7)
      tilt
    htmlentities (4.3.4)
    http_connection (1.4.4)
    httpclient (2.6.0.1)
    image_size (1.4.1)
    json (1.8.3)
    link-checker (0.7.2)
      anemone (~> 0.7.2)
      colorize (~> 0.5.8)
      nokogiri (~> 1.5.5)
      trollop (~> 2.0)
    listen (3.0.3)
      rb-fsevent (>= 0.9.3)
      rb-inotify (>= 0.9)
    lumberjack (1.0.9)
    method_source (0.8.2)
    mime-types (2.6.2)
    nanoc (4.0.0rc3)
      cri (~> 2.3)
    nenv (0.2.0)
    nokogiri (1.5.11)
    nokogiri (1.5.11-x86-mingw32)
    notiffany (0.0.8)
      nenv (~> 0.1)
      shellany (~> 0.0)
    pry (0.10.3)
      coderay (~> 1.1.0)
      method_source (~> 0.8.1)
      slop (~> 3.4)
    rack (1.6.4)
    rb-fsevent (0.9.6)
    rb-inotify (0.9.5)
      ffi (>= 0.5.0)
    rdiscount (2.1.8)
    robotex (1.0.0)
    rouge (1.10.1)
    shellany (0.0.1)
    simpleidn (0.0.5)
    slop (3.6.0)
    systemu (2.6.5)
    thor (0.19.1)
    tilt (2.0.1)
    trollop (2.1.2)
    uglifier (2.7.2)
      execjs (>= 0.3.0)
      json (>= 1.8.0)
    uuidtools (2.1.5)
    w3c_validators (1.2)
      json
      nokogiri
    xml-simple (1.1.5)

PLATFORMS
  ruby
  x86-mingw32

DEPENDENCIES
  adsf
  aws
  builder
  coderay
  cssminify
  guard-nanoc
  haml
  htmlentities
  httpclient
  image_size
  link-checker
  mime-types
  nanoc (~> 4.0.0rc1)
  nokogiri
  rdiscount
  rouge
  simpleidn
  systemu
  uglifier
  w3c_validators

BUNDLED WITH
   1.10.3
