GEM
  remote: https://rubygems.org/
  specs:
    adsf (1.2.0)
      rack (>= 1.0.0)
    aws (2.10.2)
      http_connection
      uuidtools
      xml-simple
    builder (3.2.2)
    celluloid (0.16.0)
      timers (~> 4.0.0)
    coderay (1.1.0)
    colored (1.2)
    cri (2.7.0)
      colored (~> 1.2)
    ffi (1.9.8)
    ffi (1.9.8-x86-mingw32)
    formatador (0.2.5)
    guard (2.12.6)
      formatador (>= 0.2.4)
      listen (~> 2.7)
      lumberjack (~> 1.0)
      nenv (~> 0.1)
      notiffany (~> 0.0)
      pry (>= 0.9.12)
      shellany (~> 0.0)
      thor (>= 0.18.1)
    guard-nanoc (1.0.2)
      guard (>= 1.8.0)
      nanoc (>= 3.6.3)
    haml (4.0.6)
      tilt
    hitimes (1.2.2)
    hitimes (1.2.2-x86-mingw32)
    htmlentities (4.3.3)
    http_connection (1.4.4)
    httpclient (2.6.0.1)
    image_size (1.4.1)
    listen (2.10.0)
      celluloid (~> 0.16.0)
      rb-fsevent (>= 0.9.3)
      rb-inotify (>= 0.9)
    lumberjack (1.0.9)
    method_source (0.8.2)
    mime-types (2.6.1)
    mini_portile (0.6.2)
    nanoc (4.0.0b4)
      cri (~> 2.3)
    nenv (0.2.0)
    nokogiri (1.6.6.2)
      mini_portile (~> 0.6.0)
    nokogiri (1.6.6.2-x86-mingw32)
      mini_portile (~> 0.6.0)
    notiffany (0.0.6)
      nenv (~> 0.1)
      shellany (~> 0.0)
    pry (0.10.1)
      coderay (~> 1.1.0)
      method_source (~> 0.8.1)
      slop (~> 3.4)
    pry (0.10.1-x86-mingw32)
      coderay (~> 1.1.0)
      method_source (~> 0.8.1)
      slop (~> 3.4)
      win32console (~> 1.3)
    rack (1.6.1)
    rake (10.4.2)
    rb-fsevent (0.9.5)
    rb-inotify (0.9.5)
      ffi (>= 0.5.0)
    rdiscount (2.1.8)
    rouge (1.9.0)
    shellany (0.0.1)
    simpleidn (0.0.5)
    slop (3.6.0)
    systemu (2.6.5)
    thor (0.19.1)
    tilt (2.0.1)
    timers (4.0.1)
      hitimes
    uuidtools (2.1.5)
    win32console (1.3.2-x86-mingw32)
    xml-simple (1.1.5)

PLATFORMS
  ruby
  x86-mingw32

DEPENDENCIES
  adsf
  aws
  builder
  coderay
  guard-nanoc
  haml
  htmlentities
  httpclient
  image_size
  mime-types
  nanoc (~> 4.0.0b4)
  nokogiri
  rake
  rdiscount
  rouge
  simpleidn
  systemu

BUNDLED WITH
   1.10.3
